GEM
  remote: https://rubygems.org/
  specs:
    activesupport (5.1.2)
      concurrent-ruby (~> 1.0, >= 1.0.2)
      i18n (~> 0.7)
      minitest (~> 5.1)
      tzinfo (~> 1.1)
    axiom-types (0.1.1)
      descendants_tracker (~> 0.0.4)
      ice_nine (~> 0.11.0)
      thread_safe (~> 0.3, >= 0.3.1)
    blankslate (3.1.3)
    builder (3.2.3)
    calendarium-romanum (0.2.1)
      i18n (~> 0.6)
      thor (~> 0.18)
    capistrano (3.0.1)
      i18n
      rake (>= 10.0.0)
      sshkit (>= 0.0.23)
    capistrano-bundler (1.1.2)
      capistrano (~> 3.0)
      sshkit (~> 1.2)
    capistrano-rvm (0.1.1)
      capistrano (~> 3.0)
      sshkit (~> 1.2)
    celluloid (0.16.0)
      timers (~> 4.0.0)
    coderay (1.1.0)
    coercible (1.0.0)
      descendants_tracker (~> 0.0.1)
    colorize (0.7.3)
    concurrent-ruby (1.0.5)
    descendants_tracker (0.0.4)
      thread_safe (~> 0.3, >= 0.3.1)
    equalizer (0.0.11)
    ffi (1.9.8)
    formatador (0.2.5)
    grape (1.0.0)
      activesupport
      builder
      mustermann-grape (~> 1.0.0)
      rack (>= 1.3.0)
      rack-accept
      virtus (>= 1.0.0)
    grape-entity (0.4.5)
      activesupport
      multi_json (>= 1.3.2)
    guard (2.12.6)
      formatador (>= 0.2.4)
      listen (~> 2.7)
      lumberjack (~> 1.0)
      nenv (~> 0.1)
      notiffany (~> 0.0)
      pry (>= 0.9.12)
      shellany (~> 0.0)
      thor (>= 0.18.1)
    guard-rack (2.1.1)
      ffi
      guard (~> 2.3)
      spoon
    haml (4.0.5)
      tilt
    hitimes (1.2.2)
    i18n (0.8.6)
    ice_nine (0.11.2)
    listen (2.10.0)
      celluloid (~> 0.16.0)
      rb-fsevent (>= 0.9.3)
      rb-inotify (>= 0.9)
    lumberjack (1.0.9)
    method_source (0.8.2)
    minitest (5.10.3)
    multi_json (1.12.1)
    mustermann (1.0.0)
    mustermann-grape (1.0.0)
      mustermann (~> 1.0.0)
    nenv (0.2.0)
    net-scp (1.2.1)
      net-ssh (>= 2.6.5)
    net-ssh (2.9.1)
    notiffany (0.0.6)
      nenv (~> 0.1)
      shellany (~> 0.0)
    oj (2.17.4)
    parslet (1.7.1)
      blankslate (>= 2.0, <= 4.0)
    pry (0.10.1)
      coderay (~> 1.1.0)
      method_source (~> 0.8.1)
      slop (~> 3.4)
    puma (2.13.4)
    rack (1.6.8)
    rack-accept (0.4.5)
      rack (>= 0.4)
    rack-contrib (1.1.0)
      rack (>= 0.9.1)
    rack-cors (0.4.0)
    rack-test (0.6.3)
      rack (>= 1.0)
    rake (10.4.2)
    rb-fsevent (0.9.5)
    rb-inotify (0.9.5)
      ffi (>= 0.5.0)
    scorched (0.27)
      rack (~> 1.4)
      rack-accept (~> 0.4)
      scorched-accept (~> 0.1)
      tilt (~> 1.4)
    scorched-accept (0.1)
      parslet (~> 1.7)
    shellany (0.0.1)
    slop (3.6.0)
    spoon (0.0.4)
      ffi
    sshkit (1.5.1)
      colorize
      net-scp (>= 1.1.2)
      net-ssh (>= 2.8.0)
    thor (0.19.4)
    thread_safe (0.3.6)
    tilt (1.4.1)
    timers (4.0.1)
      hitimes
    tzinfo (1.2.3)
      thread_safe (~> 0.1)
    virtus (1.0.5)
      axiom-types (~> 0.1)
      coercible (~> 1.0)
      descendants_tracker (~> 0.0, >= 0.0.3)
      equalizer (~> 0.0, >= 0.0.9)

PLATFORMS
  ruby

DEPENDENCIES
  calendarium-romanum (= 0.2.1)
  capistrano (~> 3.0.1)
  capistrano-bundler
  capistrano-rvm
  grape
  grape-entity
  guard
  guard-rack
  haml
  minitest
  multi_json
  oj
  puma
  rack-contrib
  rack-cors
  rack-test
  rake
  scorched

BUNDLED WITH
   1.13.6
