GEM
  remote: https://rubygems.org/
  specs:
    activesupport (5.1.2)
      concurrent-ruby (~> 1.0, >= 1.0.2)
      i18n (~> 0.7)
      minitest (~> 5.1)
      tzinfo (~> 1.1)
    airbrussh (1.3.0)
      sshkit (>= 1.6.1, != 1.7.0)
    axiom-types (0.1.1)
      descendants_tracker (~> 0.0.4)
      ice_nine (~> 0.11.0)
      thread_safe (~> 0.3, >= 0.3.1)
    builder (3.2.3)
    calendarium-romanum (0.3.0)
      i18n (~> 0.6)
      roman-numerals (~> 0.3)
      thor (~> 0.18)
    capistrano (3.9.0)
      airbrussh (>= 1.0.0)
      i18n
      rake (>= 10.0.0)
      sshkit (>= 1.9.0)
    capistrano-bundler (1.1.2)
      capistrano (~> 3.0)
      sshkit (~> 1.2)
    capistrano-rbenv (2.0.1)
      capistrano (~> 3.0)
      sshkit (~> 1.3)
    coderay (1.1.1)
    coercible (1.0.0)
      descendants_tracker (~> 0.0.1)
    concurrent-ruby (1.0.5)
    descendants_tracker (0.0.4)
      thread_safe (~> 0.3, >= 0.3.1)
    equalizer (0.0.11)
    ffi (1.9.18)
    formatador (0.2.5)
    grape (1.0.0)
      activesupport
      builder
      mustermann-grape (~> 1.0.0)
      rack (>= 1.3.0)
      rack-accept
      virtus (>= 1.0.0)
    grape-entity (0.6.1)
      activesupport (>= 5.0.0)
      multi_json (>= 1.3.2)
    guard (2.14.1)
      formatador (>= 0.2.4)
      listen (>= 2.7, < 4.0)
      lumberjack (~> 1.0)
      nenv (~> 0.1)
      notiffany (~> 0.0)
      pry (>= 0.9.12)
      shellany (~> 0.0)
      thor (>= 0.18.1)
    guard-rack (2.2.0)
      ffi
      guard (~> 2.3)
      spoon
    haml (5.0.1)
      temple (>= 0.8.0)
      tilt
    i18n (0.8.6)
    ice_nine (0.11.2)
    listen (3.1.5)
      rb-fsevent (~> 0.9, >= 0.9.4)
      rb-inotify (~> 0.9, >= 0.9.7)
      ruby_dep (~> 1.2)
    lumberjack (1.0.12)
    method_source (0.8.2)
    minitest (5.10.3)
    multi_json (1.12.1)
    mustermann (1.0.0)
    mustermann-grape (1.0.0)
      mustermann (~> 1.0.0)
    nenv (0.3.0)
    net-scp (1.2.1)
      net-ssh (>= 2.6.5)
    net-ssh (4.1.0)
    notiffany (0.1.1)
      nenv (~> 0.1)
      shellany (~> 0.0)
    oj (3.3.2)
    parslet (1.8.0)
    pry (0.10.4)
      coderay (~> 1.1.0)
      method_source (~> 0.8.1)
      slop (~> 3.4)
    puma (3.9.1)
    rack (1.6.8)
    rack-accept (0.4.5)
      rack (>= 0.4)
    rack-contrib (1.5.0)
      rack (~> 1.4)
    rack-cors (1.0.1)
    rack-test (0.7.0)
      rack (>= 1.0, < 3)
    rake (12.0.0)
    rb-fsevent (0.10.2)
    rb-inotify (0.9.10)
      ffi (>= 0.5.0, < 2)
    roman-numerals (0.3.0)
    ruby_dep (1.5.0)
    scorched (0.27)
      rack (~> 1.4)
      rack-accept (~> 0.4)
      scorched-accept (~> 0.1)
      tilt (~> 1.4)
    scorched-accept (0.1)
      parslet (~> 1.7)
    shellany (0.0.1)
    slop (3.6.0)
    spoon (0.0.6)
      ffi
    sshkit (1.14.0)
      net-scp (>= 1.1.2)
      net-ssh (>= 2.8.0)
    temple (0.8.0)
    thor (0.19.4)
    thread_safe (0.3.6)
    tilt (1.4.1)
    tzinfo (1.2.3)
      thread_safe (~> 0.1)
    virtus (1.0.5)
      axiom-types (~> 0.1)
      coercible (~> 1.0)
      descendants_tracker (~> 0.0, >= 0.0.3)
      equalizer (~> 0.0, >= 0.0.9)

PLATFORMS
  ruby

DEPENDENCIES
  calendarium-romanum (= 0.3.0)
  capistrano (~> 3.1)
  capistrano-bundler
  capistrano-rbenv (~> 2.0)
  grape
  grape-entity
  guard
  guard-rack
  haml
  minitest
  multi_json
  oj
  puma
  rack-contrib
  rack-cors
  rack-test
  rake
  scorched

RUBY VERSION
   ruby 2.3.1p112

BUNDLED WITH
   1.13.6
